GEM
  remote: https://rubygems.org/
  specs:
    colorize (0.8.1)
    power_assert (1.1.3)
    test-unit (3.2.9)
      power_assert

PLATFORMS
  ruby

DEPENDENCIES
  colorize
  test-unit

BUNDLED WITH
   1.17.2
